{
	"Modality": "MR",
	"MagneticFieldStrength": 3,
	"Manufacturer": "Philips",
	"ManufacturersModelName": "Ingenia",
	"InstitutionName": "I.N._Psiquiatria",
	"InstitutionalDepartmentName": "Imagenes_Cerebrales",
	"InstitutionAddress": "Calzada_Mexico_Xochimilco_No.101_Tlalpan",
	"DeviceSerialNumber": "42451",
	"StationName": "INGENIA",
	"PatientPosition": "HFS",
	"ProcedureStepDescription": "CONECTOMA",
	"SoftwareVersions": "2.6.3_5.1.7.2",
	"SeriesDescription": "FM_EPI_32chSHC_AP",
	"ProtocolName": "FM_EPI_32chSHC_AP_SENSE",
	"ScanningSequence": "GR",
	"SequenceVariant": "SK",
	"ScanOptions": "FS",
	"ImageType": [
		"ORIGINAL",
		"PRIMARY",
		"M",
		"FFE",
		"M",
		"FFE"
	],
	"SeriesNumber": 301,
	"AcquisitionTime": "11:27:45.320000",
	"PhilipsRescaleSlope": 0.813675,
	"PhilipsRescaleIntercept": 0,
	"PhilipsScaleSlope": 0.0686273,
	"UsePhilipsFloatNotDisplayScaling": 1,
	"SliceThickness": 3,
	"SpacingBetweenSlices": 3,
	"SAR": 0.121776,
	"EchoTime": 0.030001,
	"RepetitionTime": 1.90008,
	"FlipAngle": 75,
	"PercentPhaseFOV": 100,
	"EchoTrainLength": 39,
	"PhaseEncodingSteps": 78,
	"AcquisitionMatrixPE": 78,
	"ReconMatrixPE": 80,
	"PixelBandwidth": 2307,
	"PhaseEncodingAxis": "j",
	"ImageOrientationPatientDICOM": [
		0.997377,
		0.039736,
		0.0604931,
		-0.0275163,
		0.981231,
		-0.190865
	],
	"InPlanePhaseEncodingDirectionDICOM": "COL",
	"ConversionSoftware": "dcm2niix",
	"ConversionSoftwareVersion": "v1.0.20180404 GCC7.3.1",
	"PhaseEncodingDirection": "j",
	"EffectiveEchoSpacing": 0.00057,
	"TotalReadoutTime": 0.045,
	"IntendedFor": "func/sub-008_task-rest_bold.nii.gz"
}
