{
	"Modality": "MR",
	"MagneticFieldStrength": 3,
	"Manufacturer": "Philips",
	"ManufacturersModelName": "Ingenia",
	"InstitutionName": "I.N._Psiquiatria",
	"InstitutionalDepartmentName": "Imagenes_Cerebrales",
	"InstitutionAddress": "Calzada_Mexico_Xochimilco_No.101_Tlalpan",
	"DeviceSerialNumber": "42451",
	"StationName": "INGENIA",
	"PatientPosition": "HFS",
	"ProcedureStepDescription": "CONECTOMA",
	"SoftwareVersions": "2.6.3_5.1.7.2",
	"SeriesDescription": "DTI_opt_128",
	"ProtocolName": "DTI_opt_128_SENSE",
	"ScanningSequence": "SE",
	"SequenceVariant": "SK",
	"ScanOptions": "PFP",
	"ImageType": [
		"ORIGINAL",
		"PRIMARY",
		"M",
		"SE",
		"M",
		"SE"
	],
	"SeriesNumber": 601,
	"AcquisitionTime": "13:41:24.800000",
	"PhilipsRescaleSlope": 5.26838,
	"PhilipsRescaleIntercept": 0,
	"PhilipsScaleSlope": 0.0180235,
	"UsePhilipsFloatNotDisplayScaling": 1,
	"SliceThickness": 2,
	"SpacingBetweenSlices": 2,
	"SAR": 0.0919088,
	"EchoTime": 0.122353,
	"RepetitionTime": 7.76772,
	"FlipAngle": 90,
	"PercentPhaseFOV": 100,
	"EchoTrainLength": 37,
	"PhaseEncodingSteps": 109,
	"AcquisitionMatrixPE": 109,
	"ReconMatrixPE": 112,
	"PixelBandwidth": 1311,
	"PhaseEncodingAxis": "j",
	"ImageOrientationPatientDICOM": [
		0.998854,
		-0.0241831,
		0.041314,
		0.0242246,
		0.999706,
		-0.000504653
	],
	"InPlanePhaseEncodingDirectionDICOM": "COL",
	"ConversionSoftware": "dcm2niix",
	"ConversionSoftwareVersion": "v1.0.20180404 GCC7.3.1",
	"EffectiveEchoSpacing": 0.00084,
	"PhaseEncodingDirection": "j-",
	"TotalReadoutTime": 0.076
}
