{
	"Modality": "MR",
	"MagneticFieldStrength": 3,
	"Manufacturer": "Philips",
	"ManufacturersModelName": "Ingenia",
	"InstitutionName": "I.N._Psiquiatria",
	"InstitutionalDepartmentName": "Imagenes_Cerebrales",
	"InstitutionAddress": "Calzada_Mexico_Xochimilco_No.101_Tlalpan",
	"DeviceSerialNumber": "42451",
	"StationName": "INGENIA",
	"PatientPosition": "HFS",
	"SoftwareVersions": "2.6.3_5.1.7.2",
	"SeriesDescription": "FM_DTI_opt_128",
	"ProtocolName": "FM_DTI_opt_128_SENSE",
	"ScanningSequence": "SE",
	"SequenceVariant": "SK",
	"ScanOptions": "PFP",
	"ImageType": [
		"ORIGINAL",
		"PRIMARY",
		"M",
		"SE",
		"M",
		"SE"
	],
	"SeriesNumber": 501,
	"AcquisitionTime": "12:42:37.520000",
	"PhilipsRescaleSlope": 84.7817,
	"PhilipsRescaleIntercept": 0,
	"PhilipsScaleSlope": 0.0201488,
	"UsePhilipsFloatNotDisplayScaling": 1,
	"SliceThickness": 2,
	"SpacingBetweenSlices": 2,
	"SAR": 0.0922522,
	"EchoTime": 0.121853,
	"RepetitionTime": 7.73873,
	"FlipAngle": 90,
	"PercentPhaseFOV": 100,
	"EchoTrainLength": 37,
	"PhaseEncodingSteps": 109,
	"AcquisitionMatrixPE": 109,
	"ReconMatrixPE": 112,
	"PixelBandwidth": 1315,
	"PhaseEncodingAxis": "j",
	"ImageOrientationPatientDICOM": [
		0.999642,
		0.0265434,
		-0.00347634,
		-0.0265345,
		0.999645,
		0.002585
	],
	"InPlanePhaseEncodingDirectionDICOM": "COL",
	"ConversionSoftware": "dcm2niix",
	"ConversionSoftwareVersion": "v1.0.20180404 GCC7.3.1",
	"PhaseEncodingDirection": "j",
	"TotalReadoutTime": 0.076,
	"EffectiveEchoSpacing": 0.00084,
	"IntendedFor": "dwi/sub-010_dwi.nii.gz"
}
