{
	"Modality": "MR",
	"MagneticFieldStrength": 3,
	"Manufacturer": "Philips",
	"ManufacturersModelName": "Ingenia",
	"InstitutionName": "I.N._Psiquiatria",
	"InstitutionalDepartmentName": "Imagenes_Cerebrales",
	"InstitutionAddress": "Calzada_Mexico_Xochimilco_No.101_Tlalpan",
	"DeviceSerialNumber": "42451",
	"StationName": "INGENIA",
	"PatientPosition": "HFS",
	"SoftwareVersions": "2.6.3_5.1.7.2",
	"SeriesDescription": "FM_EPI_32chSHC_AP",
	"ProtocolName": "FM_EPI_32chSHC_AP_SENSE",
	"ScanningSequence": "GR",
	"SequenceVariant": "SK",
	"ScanOptions": "FS",
	"ImageType": [
		"ORIGINAL",
		"PRIMARY",
		"M",
		"FFE",
		"M",
		"FFE"
	],
	"SeriesNumber": 201,
	"AcquisitionTime": "12:26:50.430000",
	"PhilipsRescaleSlope": 0.750183,
	"PhilipsRescaleIntercept": 0,
	"PhilipsScaleSlope": 0.0628526,
	"UsePhilipsFloatNotDisplayScaling": 1,
	"SliceThickness": 3,
	"SpacingBetweenSlices": 3,
	"SAR": 0.119583,
	"EchoTime": 0.030001,
	"RepetitionTime": 1.92957,
	"FlipAngle": 75,
	"PercentPhaseFOV": 100,
	"EchoTrainLength": 39,
	"PhaseEncodingSteps": 78,
	"AcquisitionMatrixPE": 78,
	"ReconMatrixPE": 80,
	"PixelBandwidth": 2093,
	"PhaseEncodingAxis": "j",
	"ImageOrientationPatientDICOM": [
		0.999243,
		0.0377458,
		-0.00936369,
		-0.0387466,
		0.986923,
		-0.156463
	],
	"InPlanePhaseEncodingDirectionDICOM": "COL",
	"ConversionSoftware": "dcm2niix",
	"ConversionSoftwareVersion": "v1.0.20180404 GCC7.3.1",
	"PhaseEncodingDirection": "j",
	"TotalReadoutTime": 0.048,
	"EffectiveEchoSpacing": 0.00062,
	"IntendedFor": "func/sub-010_task-rest_bold.nii.gz"
}
