{
	"Modality": "MR",
	"MagneticFieldStrength": 3,
	"Manufacturer": "Philips",
	"ManufacturersModelName": "Ingenia",
	"InstitutionName": "INPRFM",
	"InstitutionalDepartmentName": "IMAGENES",
	"DeviceSerialNumber": "42451",
	"StationName": "PHILIPS",
	"PatientPosition": "HFS",
	"ProcedureStepDescription": "CONECTOMA",
	"SoftwareVersions": "2.6.3_5.1.7.0",
	"MRAcquisitionType": "3D",
	"SeriesDescription": "WIP_sT1W_3D_TFE_32_channel_SENSE",
	"ProtocolName": "WIP_sT1W_3D_TFE_32_channel_SENSE",
	"ScanningSequence": "GR",
	"SequenceVariant": "MP",
	"ScanOptions": "OTHER",
	"ImageType": ["ORIGINAL", "PRIMARY", "M", "FFE", "M", "FFE"],
	"SeriesNumber": 201,
	"AcquisitionTime": "09:52:47.990000",
	"PhilipsRescaleSlope": 9.54286,
	"PhilipsRescaleIntercept": 0,
	"PhilipsScaleSlope": 0.00985679,
	"UsePhilipsFloatNotDisplayScaling": 1,
	"SliceThickness": 1,
	"SpacingBetweenSlices": 1,
	"SAR": 0.0342408,
	"EchoTime": 0.003501,
	"RepetitionTime": 0.007,
	"FlipAngle": 8,
	"PercentPhaseFOV": 83.3333,
	"EchoTrainLength": 200,
	"PhaseEncodingSteps": 240,
	"AcquisitionMatrixPE": 240,
	"ReconMatrixPE": 320,
	"PixelBandwidth": 310,
	"ImageOrientationPatientDICOM": [
		-0.02977,
		0.999557,
		0.000125054,
		-0.00420062,
		5.41886e-20,
		-0.999991	],
	"InPlanePhaseEncodingDirectionDICOM": "ROW",
	"ConversionSoftware": "dcm2niix",
	"ConversionSoftwareVersion": "v1.0.20180404 GCC7.3.1"
}
