{
	"Modality": "MR",
	"MagneticFieldStrength": 3,
	"Manufacturer": "Philips",
	"ManufacturersModelName": "Ingenia",
	"InstitutionName": "I.N._Psiquiatria",
	"InstitutionalDepartmentName": "Imagenes_Cerebrales",
	"InstitutionAddress": "Calzada_Mexico_Xochimilco_No.101_Tlalpan",
	"DeviceSerialNumber": "42451",
	"StationName": "INGENIA",
	"PatientPosition": "HFS",
	"ProcedureStepDescription": "CONECTOMA",
	"SoftwareVersions": "2.6.3_5.1.7.2",
	"SeriesDescription": "FE_EPI_32chSHC_AP",
	"ProtocolName": "FE_EPI_32chSHC_AP_SENSE",
	"ScanningSequence": "GR",
	"SequenceVariant": "SK",
	"ScanOptions": "FS",
	"ImageType": [
		"ORIGINAL",
		"PRIMARY",
		"M",
		"FFE",
		"M",
		"FFE"
	],
	"SeriesNumber": 301,
	"AcquisitionTime": "10:59:52.790000",
	"PhilipsRescaleSlope": 0.755556,
	"PhilipsRescaleIntercept": 0,
	"PhilipsScaleSlope": 0.060188,
	"UsePhilipsFloatNotDisplayScaling": 1,
	"SliceThickness": 3,
	"SpacingBetweenSlices": 3,
	"SAR": 0.114973,
	"EchoTime": 0.030001,
	"RepetitionTime": 2,
	"FlipAngle": 75,
	"PercentPhaseFOV": 100,
	"EchoTrainLength": 39,
	"PhaseEncodingSteps": 78,
	"AcquisitionMatrixPE": 78,
	"ReconMatrixPE": 80,
	"PixelBandwidth": 2066,
	"PhaseEncodingAxis": "j",
	"ImageOrientationPatientDICOM": [
		0.997654,
		-0.0653745,
		0.0202893,
		0.0645565,
		0.997165,
		0.0386476
	],
	"InPlanePhaseEncodingDirectionDICOM": "COL",
	"ConversionSoftware": "dcm2niix",
	"ConversionSoftwareVersion": "v1.0.20180404 GCC7.3.1",
	"TaskName": "rest",
	"PhaseEncodingDirection": "j-",
	"EffectiveEchoSpacing": 0.00063,
	"TotalReadoutTime": 0.049,
	"SliceTiming": [
		0.0,
		1.0,
		0.055556,
		1.055555,
		0.111111,
		1.111111,
		0.166667,
		1.166667,
		0.222222,
		1.222222,
		0.277778,
		1.277778,
		0.333333,
		1.333333,
		0.388889,
		1.388889,
		0.444444,
		1.444444,
		0.5,
		1.5,
		0.555556,
		1.555555,
		0.611111,
		1.611111,
		0.666667,
		1.666666,
		0.722222,
		1.722222,
		0.777778,
		1.777777,
		0.833333,
		1.833333,
		0.888889,
		1.888889,
		0.944444,
		1.944444
	]
}
