{
	"Modality": "MR",
	"MagneticFieldStrength": 3,
	"Manufacturer": "Philips",
	"ManufacturersModelName": "Ingenia",
	"InstitutionName": "I.N._Psiquiatria",
	"InstitutionalDepartmentName": "Imagenes_Cerebrales",
	"InstitutionAddress": "Calzada_Mexico_Xochimilco_No.101_Tlalpan",
	"DeviceSerialNumber": "42451",
	"StationName": "INGENIA",
	"PatientPosition": "HFS",
	"ProcedureStepDescription": "PROYECTO_CONECTOMA",
	"SoftwareVersions": "2.6.3_5.1.7.2",
	"SeriesDescription": "DTI_136_2_SHELLS_AP",
	"ProtocolName": "DTI_136_2_SHELLS_AP_SENSE",
	"ScanningSequence": "SE",
	"SequenceVariant": "SK",
	"ScanOptions": "FS",
	"ImageType": [
		"ORIGINAL",
		"PRIMARY",
		"M",
		"SE",
		"M",
		"SE"
	],
	"SeriesNumber": 501,
	"AcquisitionTime": "11:21:7.640000",
	"PhilipsRescaleSlope": 7.25006,
	"PhilipsRescaleIntercept": 0,
	"PhilipsScaleSlope": 0.0135711,
	"UsePhilipsFloatNotDisplayScaling": 1,
	"SliceThickness": 2,
	"SpacingBetweenSlices": 2,
	"SAR": 0.0827615,
	"EchoTime": 0.126783,
	"RepetitionTime": 8.61085,
	"FlipAngle": 90,
	"PercentPhaseFOV": 100,
	"EchoTrainLength": 45,
	"PhaseEncodingSteps": 112,
	"AcquisitionMatrixPE": 112,
	"ReconMatrixPE": 112,
	"PixelBandwidth": 1912,
	"PhaseEncodingAxis": "j",
	"ImageOrientationPatientDICOM": [
		0.999953,
		-0.00887182,
		0.00396817,
		0.00893376,
		0.999834,
		-0.0158748
	],
	"InPlanePhaseEncodingDirectionDICOM": "COL",
	"ConversionSoftware": "dcm2niix",
	"ConversionSoftwareVersion": "v1.0.20180404 GCC7.3.1",
	"EffectiveEchoSpacing": 0.00070,
	"PhaseEncodingDirection": "j-",
	"TotalReadoutTime": 0.063
}
