{
	"Modality": "MR",
	"MagneticFieldStrength": 3,
	"Manufacturer": "Philips",
	"ManufacturersModelName": "Ingenia",
	"InstitutionName": "INPRFM",
	"InstitutionalDepartmentName": "IMAGENES",
	"DeviceSerialNumber": "42451",
	"StationName": "PHILIPS",
	"PatientPosition": "HFS",
	"ProcedureStepDescription": "CONECTOMA",
	"SoftwareVersions": "2.6.3_5.1.7.0",
	"SeriesDescription": "WIP_FM_SE_EPI_32chSHC_PA_SENSE",
	"ProtocolName": "WIP_FM_SE_EPI_32chSHC_PA_SENSE",
	"ScanningSequence": "SE",
	"SequenceVariant": "SK",
	"ScanOptions": "FS",
	"ImageType": [
		"ORIGINAL",
		"PRIMARY",
		"M",
		"SE",
		"M",
		"SE"
	],
	"SeriesNumber": 301,
	"AcquisitionTime": "09:59:18.250000",
	"PhilipsRescaleSlope": 0.859341,
	"PhilipsRescaleIntercept": 0,
	"PhilipsScaleSlope": 0.0652236,
	"UsePhilipsFloatNotDisplayScaling": 1,
	"SliceThickness": 3,
	"SpacingBetweenSlices": 3,
	"SAR": 0.227879,
	"EchoTime": 0.03,
	"RepetitionTime": 0.990435,
	"FlipAngle": 75,
	"PercentPhaseFOV": 100,
	"EchoTrainLength": 39,
	"PhaseEncodingSteps": 78,
	"AcquisitionMatrixPE": 78,
	"ReconMatrixPE": 80,
	"PixelBandwidth": 2116,
	"PhaseEncodingAxis": "j",
	"ImageOrientationPatientDICOM": [
		0.999541,
		0.0282369,
		0.0109477,
		-0.0253238,
		0.977541,
		-0.209219
	],
	"InPlanePhaseEncodingDirectionDICOM": "COL",
	"ConversionSoftware": "dcm2niix",
	"ConversionSoftwareVersion": "v1.0.20180404 GCC7.3.1",
	"PhaseEncodingDirection": "j",
	"TotalReadoutTime": 0.045,
	"EffectiveEchoSpacing": 0.00057,
	"IntendedFor": "func/sub-001_task-rest_bold.nii.gz"
}
