{
	"Modality": "MR",
	"MagneticFieldStrength": 3,
	"Manufacturer": "Philips",
	"ManufacturersModelName": "Ingenia",
	"InstitutionName": "I.N._Psiquiatria",
	"InstitutionalDepartmentName": "Imagenes_Cerebrales",
	"InstitutionAddress": "Calzada_Mexico_Xochimilco_No.101_Tlalpan",
	"DeviceSerialNumber": "42451",
	"StationName": "INGENIA",
	"PatientPosition": "HFS",
	"ProcedureStepDescription": "CONECTOMA",
	"SoftwareVersions": "2.6.3_5.1.7.2",
	"MRAcquisitionType": "3D",
	"SeriesDescription": "sT1W_3D_TFE_32_channel",
	"ProtocolName": "sT1W_3D_TFE_32_channel_SENSE",
	"ScanningSequence": "GR",
	"SequenceVariant": "MP",
	"ScanOptions": "OTHER",
	"ImageType": ["ORIGINAL", "PRIMARY", "M", "FFE", "M", "FFE"],
	"SeriesNumber": 401,
	"AcquisitionTime": "08:48:40.070000",
	"PhilipsRescaleSlope": 10.2085,
	"PhilipsRescaleIntercept": 0,
	"PhilipsScaleSlope": 0.00511,
	"UsePhilipsFloatNotDisplayScaling": 1,
	"SliceThickness": 1,
	"SpacingBetweenSlices": 1,
	"SAR": 0.0382114,
	"EchoTime": 0.003501,
	"RepetitionTime": 0.007,
	"FlipAngle": 8,
	"PercentPhaseFOV": 100,
	"EchoTrainLength": 240,
	"PhaseEncodingSteps": 240,
	"AcquisitionMatrixPE": 240,
	"ReconMatrixPE": 240,
	"PixelBandwidth": 310,
	"ImageOrientationPatientDICOM": [
		-0.143933,
		0.989582,
		0.00329067,
		-0.0856528,
		-0.00914507,
		-0.996283	],
	"InPlanePhaseEncodingDirectionDICOM": "ROW",
	"ConversionSoftware": "dcm2niix",
	"ConversionSoftwareVersion": "v1.0.20180404 GCC7.3.1"
}
