{
	"Modality": "MR",
	"MagneticFieldStrength": 3,
	"Manufacturer": "Philips",
	"ManufacturersModelName": "Ingenia",
	"InstitutionName": "I.N._Psiquiatria",
	"InstitutionalDepartmentName": "Imagenes_Cerebrales",
	"InstitutionAddress": "Calzada_Mexico_Xochimilco_No.101_Tlalpan",
	"DeviceSerialNumber": "42451",
	"StationName": "INGENIA",
	"PatientPosition": "HFS",
	"ProcedureStepDescription": "CONCECTOMA",
	"SoftwareVersions": "2.6.3_5.1.7.2",
	"SeriesDescription": "FM_DTI_136_2_SHELLS_PA",
	"ProtocolName": "FM_DTI_136_2_SHELLS_PA_SENSE",
	"ScanningSequence": "SE",
	"SequenceVariant": "SK",
	"ScanOptions": "FS",
	"ImageType": [
		"ORIGINAL",
		"PRIMARY",
		"M",
		"SE",
		"M",
		"SE"
	],
	"SeriesNumber": 501,
	"AcquisitionTime": "13:04:20.630000",
	"PhilipsRescaleSlope": 4.25763,
	"PhilipsRescaleIntercept": 0,
	"PhilipsScaleSlope": 0.023014,
	"UsePhilipsFloatNotDisplayScaling": 1,
	"SliceThickness": 2,
	"SpacingBetweenSlices": 2,
	"SAR": 0.0828673,
	"EchoTime": 0.127,
	"RepetitionTime": 8.6,
	"FlipAngle": 90,
	"PercentPhaseFOV": 100,
	"EchoTrainLength": 45,
	"PhaseEncodingSteps": 112,
	"AcquisitionMatrixPE": 112,
	"ReconMatrixPE": 112,
	"PixelBandwidth": 1914,
	"PhaseEncodingAxis": "j",
	"ImageOrientationPatientDICOM": [
		0.999994,
		-0.00198431,
		0.00286874,
		0.00198627,
		0.999998,
		-0.000677608
	],
	"InPlanePhaseEncodingDirectionDICOM": "COL",
	"ConversionSoftware": "dcm2niix",
	"ConversionSoftwareVersion": "v1.0.20180404 GCC7.3.1",
	"PhaseEncodingDirection": "j",
	"EffectiveEchoSpacing": 0.00070,
	"TotalReadoutTime": 0.063,
	"IntendedFor": "dwi/sub-092_dwi.nii.gz"
}
