{
	"Modality": "MR",
	"MagneticFieldStrength": 3,
	"Manufacturer": "Philips",
	"ManufacturersModelName": "Ingenia",
	"InstitutionName": "I.N._Psiquiatria",
	"InstitutionalDepartmentName": "Imagenes_Cerebrales",
	"InstitutionAddress": "Calzada_Mexico_Xochimilco_No.101_Tlalpan",
	"DeviceSerialNumber": "42451",
	"StationName": "INGENIA",
	"PatientPosition": "HFS",
	"ProcedureStepDescription": "CONECTOMA",
	"SoftwareVersions": "2.6.3_5.1.7.2",
	"SeriesDescription": "DTI_136_2_SHELLS_AP",
	"ProtocolName": "DTI_136_2_SHELLS_AP_SENSE",
	"ScanningSequence": "SE",
	"SequenceVariant": "SK",
	"ScanOptions": "FS",
	"ImageType": [
		"ORIGINAL",
		"PRIMARY",
		"M",
		"SE",
		"M",
		"SE"
	],
	"SeriesNumber": 601,
	"AcquisitionTime": "09:18:26.350000",
	"PhilipsRescaleSlope": 8.75482,
	"PhilipsRescaleIntercept": 0,
	"PhilipsScaleSlope": 0.0133457,
	"UsePhilipsFloatNotDisplayScaling": 1,
	"SliceThickness": 2,
	"SpacingBetweenSlices": 2,
	"SAR": 0.0828673,
	"EchoTime": 0.127,
	"RepetitionTime": 8.6,
	"FlipAngle": 90,
	"PercentPhaseFOV": 100,
	"EchoTrainLength": 45,
	"PhaseEncodingSteps": 112,
	"AcquisitionMatrixPE": 112,
	"ReconMatrixPE": 112,
	"PixelBandwidth": 1914,
	"PhaseEncodingAxis": "j",
	"ImageOrientationPatientDICOM": [
		0.999993,
		-0.00118389,
		0.00350051,
		0.00118802,
		0.999999,
		-0.0011787
	],
	"InPlanePhaseEncodingDirectionDICOM": "COL",
	"ConversionSoftware": "dcm2niix",
	"ConversionSoftwareVersion": "v1.0.20180404 GCC7.3.1",
	"EffectiveEchoSpacing": 0.00070,
	"PhaseEncodingDirection": "j-",
	"TotalReadoutTime": 0.063
}
