{
	"Modality": "MR",
	"MagneticFieldStrength": 3,
	"Manufacturer": "Philips",
	"ManufacturersModelName": "Ingenia",
	"InstitutionName": "I.N._Psiquiatria",
	"InstitutionalDepartmentName": "Imagenes_Cerebrales",
	"InstitutionAddress": "Calzada_Mexico_Xochimilco_No.101_Tlalpan",
	"DeviceSerialNumber": "42451",
	"StationName": "INGENIA",
	"PatientPosition": "HFS",
	"ProcedureStepDescription": "CONECTOMA",
	"SoftwareVersions": "2.6.3_5.1.7.2",
	"SeriesDescription": "DTI_opt_128",
	"ProtocolName": "DTI_opt_128_SENSE",
	"ScanningSequence": "SE",
	"SequenceVariant": "SK",
	"ScanOptions": "PFP",
	"ImageType": [
		"ORIGINAL",
		"PRIMARY",
		"M",
		"SE",
		"M",
		"SE"
	],
	"SeriesNumber": 601,
	"AcquisitionTime": "09:40:42.810000",
	"PhilipsRescaleSlope": 5.09744,
	"PhilipsRescaleIntercept": 0,
	"PhilipsScaleSlope": 0.0193711,
	"UsePhilipsFloatNotDisplayScaling": 1,
	"SliceThickness": 2,
	"SpacingBetweenSlices": 2,
	"SAR": 0.0919228,
	"EchoTime": 0.122353,
	"RepetitionTime": 7.76607,
	"FlipAngle": 90,
	"PercentPhaseFOV": 100,
	"EchoTrainLength": 37,
	"PhaseEncodingSteps": 109,
	"AcquisitionMatrixPE": 109,
	"ReconMatrixPE": 112,
	"PixelBandwidth": 1311,
	"PhaseEncodingAxis": "j",
	"ImageOrientationPatientDICOM": [
		0.999737,
		0.00865341,
		0.0212541,
		-0.00861641,
		0.999961,
		-0.00183211
	],
	"InPlanePhaseEncodingDirectionDICOM": "COL",
	"ConversionSoftware": "dcm2niix",
	"ConversionSoftwareVersion": "v1.0.20180404 GCC7.3.1",
	"EffectiveEchoSpacing": 0.00084,
	"PhaseEncodingDirection": "j-",
	"TotalReadoutTime": 0.076
}
