{
	"Modality": "MR",
	"MagneticFieldStrength": 3,
	"Manufacturer": "Philips",
	"ManufacturersModelName": "Ingenia",
	"InstitutionName": "I.N._Psiquiatria",
	"InstitutionalDepartmentName": "Imagenes_Cerebrales",
	"InstitutionAddress": "Calzada_Mexico_Xochimilco_No.101_Tlalpan",
	"DeviceSerialNumber": "42451",
	"StationName": "INGENIA",
	"PatientPosition": "HFS",
	"ProcedureStepDescription": "020B",
	"SoftwareVersions": "2.6.3_5.1.7.2",
	"SeriesDescription": "FM_EPI_32chSHC_AP",
	"ProtocolName": "FM_EPI_32chSHC_AP_SENSE",
	"ScanningSequence": "GR",
	"SequenceVariant": "SK",
	"ScanOptions": "FS",
	"ImageType": [
		"ORIGINAL",
		"PRIMARY",
		"M",
		"FFE",
		"M",
		"FFE"
	],
	"SeriesNumber": 201,
	"AcquisitionTime": "12:02:50.950000",
	"PhilipsRescaleSlope": 0.780708,
	"PhilipsRescaleIntercept": 0,
	"PhilipsScaleSlope": 0.0685018,
	"UsePhilipsFloatNotDisplayScaling": 1,
	"SliceThickness": 3,
	"SpacingBetweenSlices": 3,
	"SAR": 0.121892,
	"EchoTime": 0.030001,
	"RepetitionTime": 1.89454,
	"FlipAngle": 75,
	"PercentPhaseFOV": 100,
	"EchoTrainLength": 39,
	"PhaseEncodingSteps": 78,
	"AcquisitionMatrixPE": 78,
	"ReconMatrixPE": 80,
	"PixelBandwidth": 2305,
	"PhaseEncodingAxis": "j",
	"ImageOrientationPatientDICOM": [
		0.994359,
		-0.0763894,
		0.0735906,
		0.0789394,
		0.996353,
		-0.0323859
	],
	"InPlanePhaseEncodingDirectionDICOM": "COL",
	"ConversionSoftware": "dcm2niix",
	"ConversionSoftwareVersion": "v1.0.20180404 GCC7.3.1",
	"PhaseEncodingDirection": "j",
	"EffectiveEchoSpacing": 0.00058,
	"TotalReadoutTime": 0.045,
	"IntendedFor": "func/sub-020_task-rest_bold.nii.gz"
}
