{
	"Modality": "MR",
	"MagneticFieldStrength": 3,
	"Manufacturer": "Philips",
	"ManufacturersModelName": "Ingenia",
	"InstitutionName": "I.N._Psiquiatria",
	"InstitutionalDepartmentName": "Imagenes_Cerebrales",
	"InstitutionAddress": "Calzada_Mexico_Xochimilco_No.101_Tlalpan",
	"DeviceSerialNumber": "42451",
	"StationName": "INGENIA",
	"PatientPosition": "HFS",
	"ProcedureStepDescription": "CONECTOMA",
	"SoftwareVersions": "2.6.3_5.1.7.2",
	"SeriesDescription": "DTI_opt_128",
	"ProtocolName": "DTI_opt_128_SENSE",
	"ScanningSequence": "SE",
	"SequenceVariant": "SK",
	"ScanOptions": "PFP",
	"ImageType": [
		"ORIGINAL",
		"PRIMARY",
		"M",
		"SE",
		"M",
		"SE"
	],
	"SeriesNumber": 601,
	"AcquisitionTime": "10:45:43.810000",
	"PhilipsRescaleSlope": 5.15604,
	"PhilipsRescaleIntercept": 0,
	"PhilipsScaleSlope": 0.0195795,
	"UsePhilipsFloatNotDisplayScaling": 1,
	"SliceThickness": 2,
	"SpacingBetweenSlices": 2,
	"SAR": 0.0919121,
	"EchoTime": 0.122353,
	"RepetitionTime": 7.76744,
	"FlipAngle": 90,
	"PercentPhaseFOV": 100,
	"EchoTrainLength": 37,
	"PhaseEncodingSteps": 109,
	"AcquisitionMatrixPE": 109,
	"ReconMatrixPE": 112,
	"PixelBandwidth": 1311,
	"PhaseEncodingAxis": "j",
	"ImageOrientationPatientDICOM": [
		0.997629,
		-0.0287808,
		-0.0625162,
		0.0286509,
		0.999585,
		-0.00297447
	],
	"InPlanePhaseEncodingDirectionDICOM": "COL",
	"ConversionSoftware": "dcm2niix",
	"ConversionSoftwareVersion": "v1.0.20180404 GCC7.3.1",
	"EffectiveEchoSpacing": 0.00084,
	"PhaseEncodingDirection": "j-",
	"TotalReadoutTime": 0.076
}
