{
	"Modality": "MR",
	"MagneticFieldStrength": 3,
	"Manufacturer": "Philips",
	"ManufacturersModelName": "Ingenia",
	"InstitutionName": "I.N._Psiquiatria",
	"InstitutionalDepartmentName": "Imagenes_Cerebrales",
	"InstitutionAddress": "Calzada_Mexico_Xochimilco_No.101_Tlalpan",
	"DeviceSerialNumber": "42451",
	"StationName": "INGENIA",
	"PatientPosition": "HFS",
	"ProcedureStepDescription": "CONECTOMA",
	"SoftwareVersions": "2.6.3_5.1.7.2",
	"SeriesDescription": "FM_DTI_136_2_SHELLS_PA_TE120",
	"ProtocolName": "FM_DTI_136_2_SHELLS_PA_TE120_SENSE",
	"ScanningSequence": "SE",
	"SequenceVariant": "SK",
	"ScanOptions": "FS",
	"ImageType": [
		"ORIGINAL",
		"PRIMARY",
		"M",
		"SE",
		"M",
		"SE"
	],
	"SeriesNumber": 701,
	"AcquisitionTime": "08:48:50.300000",
	"PhilipsRescaleSlope": 4.24762,
	"PhilipsRescaleIntercept": 0,
	"PhilipsScaleSlope": 0.0230018,
	"UsePhilipsFloatNotDisplayScaling": 1,
	"SliceThickness": 2,
	"SpacingBetweenSlices": 2,
	"SAR": 0.082864,
	"EchoTime": 0.12,
	"RepetitionTime": 8.6,
	"FlipAngle": 90,
	"PercentPhaseFOV": 100,
	"EchoTrainLength": 45,
	"PhaseEncodingSteps": 112,
	"AcquisitionMatrixPE": 112,
	"ReconMatrixPE": 112,
	"PixelBandwidth": 1872,
	"PhaseEncodingAxis": "j",
	"ImageOrientationPatientDICOM": [
		1,
		8.37321e-05,
		0.000858962,
		-8.72323e-05,
		0.999992,
		0.00407568
	],
	"InPlanePhaseEncodingDirectionDICOM": "COL",
	"ConversionSoftware": "dcm2niix",
	"ConversionSoftwareVersion": "v1.0.20180404 GCC7.3.1",
	"PhaseEncodingDirection": "j",
	"EffectiveEchoSpacing": 0.00070,
	"TotalReadoutTime": 0.063,
	"IntendedFor": "dwi/sub-137_dwi.nii.gz"
}
