{
	"Modality": "MR",
	"MagneticFieldStrength": 3,
	"Manufacturer": "Philips",
	"ManufacturersModelName": "Ingenia",
	"InstitutionName": "I.N._Psiquiatria",
	"InstitutionalDepartmentName": "Imagenes_Cerebrales",
	"InstitutionAddress": "Calzada_Mexico_Xochimilco_No.101_Tlalpan",
	"DeviceSerialNumber": "42451",
	"StationName": "INGENIA",
	"PatientPosition": "HFS",
	"ProcedureStepDescription": "CONECTOMA",
	"SoftwareVersions": "2.6.3_5.1.7.2",
	"SeriesDescription": "FM_EPI_32chSHC_PA",
	"ProtocolName": "FM_EPI_32chSHC_PA_SENSE",
	"ScanningSequence": "GR",
	"SequenceVariant": "SK",
	"ScanOptions": "FS",
	"ImageType": [
		"ORIGINAL",
		"PRIMARY",
		"M",
		"FFE",
		"M",
		"FFE"
	],
	"SeriesNumber": 201,
	"AcquisitionTime": "11:17:48.010000",
	"PhilipsRescaleSlope": 0.810012,
	"PhilipsRescaleIntercept": 0,
	"PhilipsScaleSlope": 0.0510359,
	"UsePhilipsFloatNotDisplayScaling": 1,
	"SliceThickness": 3,
	"SpacingBetweenSlices": 3,
	"SAR": 0.114904,
	"EchoTime": 0.030001,
	"RepetitionTime": 2,
	"FlipAngle": 75,
	"PercentPhaseFOV": 100,
	"EchoTrainLength": 39,
	"PhaseEncodingSteps": 78,
	"AcquisitionMatrixPE": 78,
	"ReconMatrixPE": 80,
	"PixelBandwidth": 2333,
	"PhaseEncodingAxis": "j",
	"ImageOrientationPatientDICOM": [
		0.999969,
		9.71808e-05,
		-0.0078484,
		-0.000391805,
		0.999295,
		-0.0375466
	],
	"InPlanePhaseEncodingDirectionDICOM": "COL",
	"ConversionSoftware": "dcm2niix",
	"ConversionSoftwareVersion": "v1.0.20180404 GCC7.3.1",
	"PhaseEncodingDirection": "j",
	"EffectiveEchoSpacing": 0.00057,
	"TotalReadoutTime": 0.044,
	"IntendedFor": "func/sub-051_task-rest_bold.nii.gz"
}
